GEM
  remote: https://rubygems.org/
  specs:
    Ascii85 (1.0.2)
    afm (0.2.0)
    hashery (2.1.1)
    pdf-reader (1.3.3)
      Ascii85 (~> 1.0.0)
      afm (~> 0.2.0)
      hashery (~> 2.0)
      ruby-rc4
      ttfunk
    punkt-segmenter (0.9.1)
      unicode_utils (>= 1.0.0)
    ruby-rc4 (0.1.5)
    ttfunk (1.1.0)
    unicode_utils (1.4.0)

PLATFORMS
  ruby

DEPENDENCIES
  pdf-reader
  punkt-segmenter
